GEM
  remote: https://rubygems.org/
  specs:
    addressable (2.3.8)
    arr-pm (0.0.11)
      cabin (> 0)
    backports (3.23.0)
    cabin (0.8.1)
    clamp (1.0.1)
    dotenv (2.7.6)
    facter (2.4.6)
    fpm (1.14.1)
      arr-pm (~> 0.0.11)
      backports (>= 2.6.2)
      cabin (>= 0.6.0)
      clamp (~> 1.0.0)
      git (>= 1.3.0, < 2.0)
      json (>= 1.7.7, < 3.0)
      pleaserun (~> 0.0.29)
      rexml
      stud
    fpm-cookery (0.35.1)
      addressable (~> 2.3.8)
      facter
      fpm (~> 1.1)
      json (>= 1.7.7, < 2.0)
      json_pure (>= 1.7.7, < 2.0)
      puppet (>= 3.4, < 6.0)
      safe_yaml (~> 1.0.4)
      systemu
    git (1.7.0)
      rchardet (~> 1.8)
    hiera (3.2.0)
      json_pure
    insist (1.0.0)
    json (1.8.6)
    json_pure (1.8.6)
    mustache (0.99.8)
    pleaserun (0.0.31)
      cabin (> 0)
      clamp
      dotenv
      insist
      mustache (= 0.99.8)
      stud
    puppet (4.5.2)
      facter (> 2.0, < 4)
      hiera (>= 2.0, < 4)
      json_pure
    rchardet (1.8.0)
    rexml (3.2.5)
    safe_yaml (1.0.5)
    stud (0.0.23)
    systemu (2.6.5)
    webrick (1.7.0)
    xmlrpc (0.3.2)
      webrick

PLATFORMS
  ruby

DEPENDENCIES
  fpm (~> 1.14.1)
  fpm-cookery (= 0.35.1)
  rexml (~> 3.2.5)
  xmlrpc (~> 0.3.2)
